GEM
  remote: http://rubygems.org/
  specs:
    bubble-wrap (1.1.3)
    rake (0.9.2.2)
    sugarcube (0.8.2)
      rake

PLATFORMS
  ruby

DEPENDENCIES
  bubble-wrap
  sugarcube
