GIT
  remote: git://github.com/rubymotion/BubbleWrap.git
  revision: 88a7c4ec1658d74da44049c03d7451664662c218
  ref: 88a7c4ec1658d74da44049c03d7451664662c218
  specs:
    bubble-wrap (1.1.3)

GEM
  remote: http://rubygems.org/
  specs:
    rake (0.9.2.2)
    sugarcube (0.8.2)
      rake

PLATFORMS
  ruby

DEPENDENCIES
  bubble-wrap!
  sugarcube
